GEM
  remote: https://rubygems.org/
  specs:
    sorbet (0.5.12152)
      sorbet-static (= 0.5.12152)
    sorbet-runtime (0.5.12152)
    sorbet-static (0.5.12152-aarch64-linux)
    sorbet-static (0.5.12152-universal-darwin)
    sorbet-static (0.5.12152-x86_64-linux)
    sorbet-static-and-runtime (0.5.12152)
      sorbet (= 0.5.12152)
      sorbet-runtime (= 0.5.12152)

PLATFORMS
  aarch64-linux
  universal-darwin
  x86_64-linux

DEPENDENCIES
  sorbet-static-and-runtime

BUNDLED WITH
   2.6.9
